GEM
  remote: http://rubygems.org/
  specs:
    addressable (2.2.7)
    daemons (1.1.8)
    data_objects (0.10.8)
      addressable (~> 2.1)
    dm-core (1.2.0)
      addressable (~> 2.2.6)
    dm-do-adapter (1.2.0)
      data_objects (~> 0.10.6)
      dm-core (~> 1.2.0)
    dm-sqlite-adapter (1.2.0)
      dm-do-adapter (~> 1.2.0)
      do_sqlite3 (~> 0.10.6)
    do_sqlite3 (0.10.8)
      data_objects (= 0.10.8)
    eventmachine (0.12.10)
    rack (1.3.6)
    rack-protection (1.2.0)
      rack
    sinatra (1.3.2)
      rack (~> 1.3, >= 1.3.6)
      rack-protection (~> 1.2)
      tilt (~> 1.3, >= 1.3.3)
    slim (1.1.0)
      temple (~> 0.3.5)
      tilt (~> 1.3.2)
    sqlite3 (1.3.5)
    temple (0.3.5)
    thin (1.3.1)
      daemons (>= 1.0.9)
      eventmachine (>= 0.12.6)
      rack (>= 1.0.0)
    tilt (1.3.3)

PLATFORMS
  ruby

DEPENDENCIES
  dm-sqlite-adapter (= 1.2.0)
  sinatra (= 1.3.2)
  slim (= 1.1.0)
  sqlite3 (= 1.3.5)
  thin (= 1.3.1)
